GEM
  remote: http://rubygems.org/
  specs:
    haml (3.0.24)
    json (1.1.7)
    rack (1.2.1)
    sass (3.1.0.alpha.200)
    sinatra (1.0)
      rack (>= 1.0)

PLATFORMS
  ruby

DEPENDENCIES
  haml
  json
  sass
  sinatra
